GEM
  remote: https://rubygems.org/
  specs:
    axiom-types (0.1.1)
      descendants_tracker (~> 0.0.4)
      ice_nine (~> 0.11.0)
      thread_safe (~> 0.3, >= 0.3.1)
    coercible (1.0.0)
      descendants_tracker (~> 0.0.1)
    dad_jokes (0.1.2)
      faraday (~> 0.13.1)
      faraday_middleware (~> 0.12.2)
      json (~> 1.8)
    descendants_tracker (0.0.4)
      thread_safe (~> 0.3, >= 0.3.1)
    dotenv (2.7.6)
    equalizer (0.0.11)
    faraday (0.13.1)
      multipart-post (>= 1.2, < 3)
    faraday_middleware (0.12.2)
      faraday (>= 0.7.4, < 1.0)
    httparty (0.15.7)
      multi_xml (>= 0.5.2)
    ice_nine (0.11.2)
    inflecto (0.0.2)
    json (1.8.6)
    movie_quotes (0.1.3)
      httparty (~> 0.15.5)
    multi_xml (0.6.0)
    multipart-post (2.1.1)
    telegram-bot-ruby (0.14.0)
      faraday
      inflecto
      virtus
    thread_safe (0.3.6)
    virtus (1.0.5)
      axiom-types (~> 0.1)
      coercible (~> 1.0)
      descendants_tracker (~> 0.0, >= 0.0.3)
      equalizer (~> 0.0, >= 0.0.9)

PLATFORMS
  x64-mingw32

DEPENDENCIES
  dad_jokes (~> 0.1.2)
  dotenv
  movie_quotes (~> 0.1.3)
  telegram-bot-ruby (~> 0.14.0)

BUNDLED WITH
   2.2.3
